GEM
  remote: https://rubygems.org/
  remote: https://code.stripe.com/
  specs:
    addressable (2.3.6)
    aggregate (0.2.2)
    amq-protocol (1.9.2)
    bcrypt (3.1.7)
    blankslate (3.1.2)
    bson (1.10.0)
    bson_ext (1.10.0)
      bson (~> 1.10.0)
    bunny (1.2.1)
      amq-protocol (>= 1.9.2)
    celluloid (0.15.2)
      timers (~> 1.1.0)
    celluloid-io (0.15.0)
      celluloid (>= 0.15.0)
      nio4r (>= 0.5.0)
    codeclimate-test-reporter (0.3.0)
      simplecov (>= 0.7.1, < 1.0.0)
    coderay (1.1.0)
    columnize (0.8.9)
    css_parser (1.3.5)
      addressable
    dante (0.2.0)
    debugger (1.6.6)
      columnize (>= 0.3.1)
      debugger-linecache (~> 1.2.0)
      debugger-ruby_core_source (~> 1.3.2)
    debugger-linecache (1.2.0)
    debugger-ruby_core_source (1.3.2)
    diff-lcs (1.2.5)
    docile (1.1.3)
    elasticsearch (1.0.1)
      elasticsearch-api (= 1.0.1)
      elasticsearch-transport (= 1.0.1)
    elasticsearch-api (1.0.1)
      multi_json
    elasticsearch-transport (1.0.1)
      faraday
      multi_json
    faraday (0.9.0)
      multipart-post (>= 1.2, < 3)
    ffi (1.9.3)
    formatador (0.2.4)
    geocoder (1.2.0)
    georuby (2.2.1)
    guard (2.6.0)
      formatador (>= 0.2.4)
      listen (~> 2.7)
      lumberjack (~> 1.0)
      pry (>= 0.9.12)
      thor (>= 0.18.1)
    guard-bundler (2.0.0)
      bundler (~> 1.0)
      guard (~> 2.2)
    guard-rake (0.0.9)
      guard
      rake
    guard-rspec (4.2.8)
      guard (~> 2.1)
      rspec (>= 2.14, < 4.0)
    guard-shell (0.6.1)
      guard (>= 1.1.0)
    htmlentities (4.3.1)
    jimson-temp (0.9.5)
      blankslate (>= 3.1.2)
      multi_json (~> 1.0)
      rack (~> 1.4)
      rest-client (~> 1.0)
    json (1.8.1)
    kgio (2.9.2)
    kramdown (1.3.3)
    librato-metrics (1.3.2)
      aggregate (~> 0.2.2)
      faraday (~> 0.7)
      multi_json
    librato-rack (0.4.4)
      librato-metrics (~> 1.1)
    libxml-ruby (2.7.0)
    listen (2.7.4)
      celluloid (>= 0.15.2)
      celluloid-io (>= 0.15.0)
      rb-fsevent (>= 0.9.3)
      rb-inotify (>= 0.9)
    log4r (1.1.10)
    lumberjack (1.0.5)
    method_source (0.8.2)
    mime-types (1.25.1)
    mini_portile (0.5.3)
    mixpanel-ruby (1.4.0)
    mongo (1.10.0)
      bson (~> 1.10.0)
    multi_json (1.10.0)
    multipart-post (2.0.0)
    nio4r (1.0.0)
    nokogiri (1.6.1)
      mini_portile (~> 0.5.0)
    premailer (1.8.2)
      css_parser (>= 1.3.5)
      htmlentities (>= 4.0.0)
    pry (0.9.12.6)
      coderay (~> 1.0)
      method_source (~> 0.8)
      slop (~> 3.4)
    pry-debugger (0.2.2)
      debugger (~> 1.3)
      pry (~> 0.9.10)
    puma (2.8.2)
      rack (>= 1.1, < 2.0)
    rack (1.5.2)
    rack-ssl (1.4.1)
      rack
    rack-timeout (0.0.4)
    raindrops (0.13.0)
    rake (10.3.1)
    rb-fchange (0.0.6)
      ffi
    rb-fsevent (0.9.4)
    rb-inotify (0.9.4)
      ffi (>= 0.5.0)
    rest-client (1.6.7)
      mime-types (>= 1.16)
    rspec (2.14.1)
      rspec-core (~> 2.14.0)
      rspec-expectations (~> 2.14.0)
      rspec-mocks (~> 2.14.0)
    rspec-core (2.14.8)
    rspec-expectations (2.14.5)
      diff-lcs (>= 1.1.3, < 2.0)
    rspec-mocks (2.14.6)
    shotgun (0.9)
      rack (>= 1.0)
    simplecov (0.8.2)
      docile (~> 1.1.0)
      multi_json
      simplecov-html (~> 0.8.0)
    simplecov-html (0.8.0)
    slop (3.5.0)
    stripe (1.11.0)
      json (~> 1.8.1)
      mime-types (~> 1.25)
      rest-client (~> 1.4)
    stripe-ruby-mock (1.10.1.7)
      dante (>= 0.2.0)
      jimson-temp
      stripe (>= 1.10.1)
    thor (0.19.1)
    timers (1.1.0)
    unicorn (4.8.2)
      kgio (~> 2.6)
      rack
      raindrops (~> 0.7)
    yajl-ruby (1.2.0)

PLATFORMS
  ruby

DEPENDENCIES
  bcrypt (= 3.1.7)
  bson_ext (= 1.10.0)
  bunny (= 1.2.1)
  codeclimate-test-reporter
  elasticsearch (= 1.0.1)
  geocoder (= 1.2.0)
  georuby (= 2.2.1)
  guard
  guard-bundler
  guard-rake
  guard-rspec
  guard-shell
  kramdown (= 1.3.3)
  librato-rack (= 0.4.4)
  libxml-ruby (= 2.7.0)
  log4r (= 1.1.10)
  mixpanel-ruby (= 1.4.0)
  mongo (= 1.10.0)
  nokogiri (= 1.6.1)
  premailer (= 1.8.2)
  pry
  pry-debugger
  puma (= 2.8.2)
  rack-ssl (= 1.4.1)
  rack-timeout (= 0.0.4)
  rb-fchange
  rb-fsevent
  rb-inotify
  rspec
  shotgun (= 0.9)
  stripe (= 1.11.0)
  stripe-ruby-mock (= 1.10.1.7)
  unicorn (= 4.8.2)
  yajl-ruby (= 1.2.0)
